GEM
  remote: https://rubygems.org/
  specs:
    addressable (2.3.2)
    faraday (0.7.6)
      addressable (~> 2.2)
      multipart-post (~> 1.1)
      rack (~> 1.1)
    json (1.7.5)
    multipart-post (1.1.5)
    rack (1.6.11)

PLATFORMS
  ruby

DEPENDENCIES
  faraday
  json
