GEM
  remote: https://rubygems.org/
  specs:
    addressable (2.8.0)
      public_suffix (>= 2.0.2, < 5.0)
    faraday (0.7.6)
      addressable (~> 2.2)
      multipart-post (~> 1.1)
      rack (~> 1.1)
    json (1.7.5)
    multipart-post (1.1.5)
    public_suffix (4.0.6)
    rack (1.4.1)

PLATFORMS
  ruby

DEPENDENCIES
  faraday
  json
